GEM
  remote: https://rubygems.org/
  specs:
    actioncable (7.2.2)
      actionpack (= 7.2.2)
      activesupport (= 7.2.2)
      nio4r (~> 2.0)
      websocket-driver (>= 0.6.1)
      zeitwerk (~> 2.6)
    actionmailbox (7.2.2)
      actionpack (= 7.2.2)
      activejob (= 7.2.2)
      activerecord (= 7.2.2)
      activestorage (= 7.2.2)
      activesupport (= 7.2.2)
      mail (>= 2.8.0)
    actionmailer (7.2.2)
      actionpack (= 7.2.2)
      actionview (= 7.2.2)
      activejob (= 7.2.2)
      activesupport (= 7.2.2)
      mail (>= 2.8.0)
      rails-dom-testing (~> 2.2)
    actionpack (7.2.2)
      actionview (= 7.2.2)
      activesupport (= 7.2.2)
      nokogiri (>= 1.8.5)
      racc
      rack (>= 2.2.4, < 3.2)
      rack-session (>= 1.0.1)
      rack-test (>= 0.6.3)
      rails-dom-testing (~> 2.2)
      rails-html-sanitizer (~> 1.6)
      useragent (~> 0.16)
    actiontext (7.2.2)
      actionpack (= 7.2.2)
      activerecord (= 7.2.2)
      activestorage (= 7.2.2)
      activesupport (= 7.2.2)
      globalid (>= 0.6.0)
      nokogiri (>= 1.8.5)
    actionview (7.2.2)
      activesupport (= 7.2.2)
      builder (~> 3.1)
      erubi (~> 1.11)
      rails-dom-testing (~> 2.2)
      rails-html-sanitizer (~> 1.6)
    activejob (7.2.2)
      activesupport (= 7.2.2)
      globalid (>= 0.3.6)
    activemodel (7.2.2)
      activesupport (= 7.2.2)
    activerecord (7.2.2)
      activemodel (= 7.2.2)
      activesupport (= 7.2.2)
      timeout (>= 0.4.0)
    activestorage (7.2.2)
      actionpack (= 7.2.2)
      activejob (= 7.2.2)
      activerecord (= 7.2.2)
      activesupport (= 7.2.2)
      marcel (~> 1.0)
    activesupport (7.2.2)
      base64
      benchmark (>= 0.3)
      bigdecimal
      concurrent-ruby (~> 1.0, >= 1.3.1)
      connection_pool (>= 2.2.5)
      drb
      i18n (>= 1.6, < 2)
      logger (>= 1.4.2)
      minitest (>= 5.1)
      securerandom (>= 0.3)
      tzinfo (~> 2.0, >= 2.0.5)
    ast (2.4.2)
    base64 (0.2.0)
    bcrypt (3.1.20)
    benchmark (0.4.0)
    bigdecimal (3.1.8)
    brakeman (6.2.2)
      racc
    builder (3.3.0)
    bullet (8.0.0)
      activesupport (>= 3.0.0)
      uniform_notifier (~> 1.11)
    bundler-audit (0.9.2)
      bundler (>= 1.2.0, < 3)
      thor (~> 1.0)
    cancancan (3.6.1)
    coffee-rails (5.0.0)
      coffee-script (>= 2.2.0)
      railties (>= 5.2.0)
    coffee-script (2.4.1)
      coffee-script-source
      execjs
    coffee-script-source (1.12.2)
    concurrent-ruby (1.3.4)
    connection_pool (2.4.1)
    crass (1.0.6)
    daemons (1.4.1)
    dalli (3.2.8)
    date (3.4.1)
    delayed_job (4.1.13)
      activesupport (>= 3.0, < 9.0)
    delayed_job_active_record (4.1.11)
      activerecord (>= 3.0, < 9.0)
      delayed_job (>= 3.0, < 5)
    delayed_job_web (1.4.4)
      activerecord (> 3.0.0)
      delayed_job (> 2.0.3)
      rack-protection (>= 1.5.5)
      sinatra (>= 1.4.4)
    devise (4.9.4)
      bcrypt (~> 3.0)
      orm_adapter (~> 0.1)
      railties (>= 4.1.0)
      responders
      warden (~> 1.2.3)
    drb (2.2.1)
    erubi (1.13.0)
    execjs (2.10.0)
    globalid (1.2.1)
      activesupport (>= 6.1)
    i18n (1.14.6)
      concurrent-ruby (~> 1.0)
    influxdb (0.8.1)
    influxdb-rails (1.0.3)
      influxdb (~> 0.6, >= 0.6.4)
      railties (>= 5.0)
    io-console (0.8.0)
    irb (1.14.1)
      rdoc (>= 4.0.0)
      reline (>= 0.4.2)
    jbuilder (2.13.0)
      actionview (>= 5.0.0)
      activesupport (>= 5.0.0)
    jquery-rails (4.6.0)
      rails-dom-testing (>= 1, < 3)
      railties (>= 4.2.0)
      thor (>= 0.14, < 2.0)
    json (2.9.0)
    language_server-protocol (3.17.0.3)
    logger (1.6.2)
    loofah (2.23.1)
      crass (~> 1.0.2)
      nokogiri (>= 1.12.0)
    mail (2.8.1)
      mini_mime (>= 0.1.1)
      net-imap
      net-pop
      net-smtp
    marcel (1.0.4)
    mini_mime (1.1.5)
    minitest (5.25.4)
    mustermann (3.0.3)
      ruby2_keywords (~> 0.0.1)
    mysql2 (0.5.6)
    net-imap (0.5.1)
      date
      net-protocol
    net-pop (0.1.2)
      net-protocol
    net-protocol (0.2.2)
      timeout
    net-smtp (0.5.0)
      net-protocol
    nio4r (2.7.4)
    nokogiri (1.16.8-aarch64-linux)
      racc (~> 1.4)
    nokogiri (1.16.8-arm-linux)
      racc (~> 1.4)
    nokogiri (1.16.8-arm64-darwin)
      racc (~> 1.4)
    nokogiri (1.16.8-x86-linux)
      racc (~> 1.4)
    nokogiri (1.16.8-x86_64-darwin)
      racc (~> 1.4)
    nokogiri (1.16.8-x86_64-linux)
      racc (~> 1.4)
    orm_adapter (0.5.0)
    parallel (1.26.3)
    parser (3.3.6.0)
      ast (~> 2.4.1)
      racc
    passenger (6.0.26)
      rack (>= 1.6.13)
      rackup (>= 2.0.0)
      rake (>= 12.3.3)
    psych (5.2.1)
      date
      stringio
    puma (6.5.0)
      nio4r (~> 2.0)
    racc (1.8.1)
    rack (3.1.10)
    rack-protection (4.1.1)
      base64 (>= 0.1.0)
      logger (>= 1.6.0)
      rack (>= 3.0.0, < 4)
    rack-session (2.0.0)
      rack (>= 3.0.0)
    rack-test (2.1.0)
      rack (>= 1.3)
    rackup (2.2.1)
      rack (>= 3)
    rails (7.2.2)
      actioncable (= 7.2.2)
      actionmailbox (= 7.2.2)
      actionmailer (= 7.2.2)
      actionpack (= 7.2.2)
      actiontext (= 7.2.2)
      actionview (= 7.2.2)
      activejob (= 7.2.2)
      activemodel (= 7.2.2)
      activerecord (= 7.2.2)
      activestorage (= 7.2.2)
      activesupport (= 7.2.2)
      bundler (>= 1.15.0)
      railties (= 7.2.2)
    rails-dom-testing (2.2.0)
      activesupport (>= 5.0.0)
      minitest
      nokogiri (>= 1.6)
    rails-html-sanitizer (1.6.1)
      loofah (~> 2.21)
      nokogiri (>= 1.15.7, != 1.16.7, != 1.16.6, != 1.16.5, != 1.16.4, != 1.16.3, != 1.16.2, != 1.16.1, != 1.16.0.rc1, != 1.16.0)
    rails_12factor (0.0.3)
      rails_serve_static_assets
      rails_stdout_logging
    rails_serve_static_assets (0.0.5)
    rails_stdout_logging (0.0.5)
    railties (7.2.2)
      actionpack (= 7.2.2)
      activesupport (= 7.2.2)
      irb (~> 1.13)
      rackup (>= 1.0.0)
      rake (>= 12.2)
      thor (~> 1.0, >= 1.2.2)
      zeitwerk (~> 2.6)
    rainbow (3.1.1)
    rake (13.2.1)
    rb-readline (0.5.5)
    rdoc (6.8.1)
      psych (>= 4.0.0)
    regexp_parser (2.9.3)
    reline (0.5.12)
      io-console (~> 0.5)
    responders (3.1.1)
      actionpack (>= 5.2)
      railties (>= 5.2)
    round_robin_tournament (0.1.2)
    rubocop (1.69.1)
      json (~> 2.3)
      language_server-protocol (>= 3.17.0)
      parallel (~> 1.10)
      parser (>= 3.3.0.2)
      rainbow (>= 2.2.2, < 4.0)
      regexp_parser (>= 2.9.3, < 3.0)
      rubocop-ast (>= 1.36.2, < 2.0)
      ruby-progressbar (~> 1.7)
      unicode-display_width (>= 2.4.0, < 4.0)
    rubocop-ast (1.36.2)
      parser (>= 3.3.1.0)
    ruby-progressbar (1.13.0)
    ruby2_keywords (0.0.5)
    sdoc (2.6.1)
      rdoc (>= 5.0)
    securerandom (0.4.0)
    sinatra (4.1.1)
      logger (>= 1.6.0)
      mustermann (~> 3.0)
      rack (>= 3.0.0, < 4)
      rack-protection (= 4.1.1)
      rack-session (>= 2.0.0, < 3)
      tilt (~> 2.0)
    spring (4.2.1)
    sprockets (4.2.1)
      concurrent-ruby (~> 1.0)
      rack (>= 2.2.4, < 4)
    sprockets-rails (3.5.2)
      actionpack (>= 6.1)
      activesupport (>= 6.1)
      sprockets (>= 3.0.0)
    sqlite3 (1.7.3-aarch64-linux)
    sqlite3 (1.7.3-arm-linux)
    sqlite3 (1.7.3-arm64-darwin)
    sqlite3 (1.7.3-x86-linux)
    sqlite3 (1.7.3-x86_64-darwin)
    sqlite3 (1.7.3-x86_64-linux)
    stringio (3.1.2)
    thor (1.3.2)
    tilt (2.4.0)
    timeout (0.4.2)
    turbolinks (5.2.1)
      turbolinks-source (~> 5.2)
    turbolinks-source (5.2.0)
    tzinfo (2.0.6)
      concurrent-ruby (~> 1.0)
    tzinfo-data (1.2024.2)
      tzinfo (>= 1.0.0)
    uglifier (4.2.1)
      execjs (>= 0.3.0, < 3)
    unicode-display_width (3.1.2)
      unicode-emoji (~> 4.0, >= 4.0.4)
    unicode-emoji (4.0.4)
    uniform_notifier (1.16.0)
    useragent (0.16.11)
    warden (1.2.9)
      rack (>= 2.0.9)
    websocket-driver (0.7.6)
      websocket-extensions (>= 0.1.0)
    websocket-extensions (0.1.5)
    zeitwerk (2.7.1)

PLATFORMS
  aarch64-linux
  arm-linux
  arm64-darwin
  x86-linux
  x86_64-darwin
  x86_64-linux

DEPENDENCIES
  brakeman
  bullet
  bundler-audit
  cancancan
  coffee-rails
  daemons
  dalli
  delayed_job_active_record
  delayed_job_web
  devise
  influxdb-rails
  jbuilder
  jquery-rails
  mysql2
  passenger
  puma
  rails (= 7.2.2)
  rails-html-sanitizer
  rails_12factor
  rb-readline
  round_robin_tournament
  rubocop
  sdoc
  spring
  sprockets-rails
  sqlite3 (~> 1.4)
  turbolinks
  tzinfo-data
  uglifier

RUBY VERSION
   ruby 3.2.0p0

BUNDLED WITH
   2.4.1
